PATH
  remote: .
  specs:
    cuffsert (0.14.2)
      aws-sdk-cloudformation (~> 1.67.0)
      aws-sdk-s3 (~> 1.112.0)
      colorize
      hashdiff (~> 1.0)
      nokogiri
      ruby-termios
      rx

GEM
  remote: https://rubygems.org/
  specs:
    aws-eventstream (1.2.0)
    aws-partitions (1.554.0)
    aws-sdk-cloudformation (1.67.0)
      aws-sdk-core (~> 3, >= 3.126.0)
      aws-sigv4 (~> 1.1)
    aws-sdk-core (3.126.0)
      aws-eventstream (~> 1, >= 1.0.2)
      aws-partitions (~> 1, >= 1.525.0)
      aws-sigv4 (~> 1.1)
      jmespath (~> 1.0)
    aws-sdk-kms (1.54.0)
      aws-sdk-core (~> 3, >= 3.126.0)
      aws-sigv4 (~> 1.1)
    aws-sdk-s3 (1.112.0)
      aws-sdk-core (~> 3, >= 3.126.0)
      aws-sdk-kms (~> 1)
      aws-sigv4 (~> 1.4)
    aws-sigv4 (1.4.0)
      aws-eventstream (~> 1, >= 1.0.2)
    byebug (11.1.3)
    colorize (0.8.1)
    diff-lcs (1.5.0)
    docile (1.4.0)
    hashdiff (1.0.1)
    jmespath (1.5.0)
    mini_portile2 (2.7.1)
    nokogiri (1.13.1)
      mini_portile2 (~> 2.7.0)
      racc (~> 1.4)
    racc (1.6.0)
    rspec (3.11.0)
      rspec-core (~> 3.11.0)
      rspec-expectations (~> 3.11.0)
      rspec-mocks (~> 3.11.0)
    rspec-core (3.11.0)
      rspec-support (~> 3.11.0)
    rspec-expectations (3.11.0)
      diff-lcs (>= 1.2.0, < 2.0)
      rspec-support (~> 3.11.0)
    rspec-mocks (3.11.0)
      diff-lcs (>= 1.2.0, < 2.0)
      rspec-support (~> 3.11.0)
    rspec-support (3.11.0)
    ruby-termios (1.1.0)
    rx (0.0.3)
    rx-rspec (0.4.3)
      rx
    simplecov (0.21.2)
      docile (~> 1.1)
      simplecov-html (~> 0.11)
      simplecov_json_formatter (~> 0.1)
    simplecov-html (0.12.3)
    simplecov_json_formatter (0.1.3)

PLATFORMS
  ruby

DEPENDENCIES
  bundler (~> 2.3)
  byebug
  cuffsert!
  rspec (~> 3.0)
  rx-rspec (~> 0.4.3)
  simplecov

BUNDLED WITH
   2.3.7
