PATH
  remote: .
  specs:
    cuffsert (0.13.0)
      aws-sdk-cloudformation (~> 1.3.0)
      aws-sdk-s3 (~> 1.8.0)
      colorize
      hashdiff (~> 1.0)
      ruby-termios
      rx

GEM
  remote: https://rubygems.org/
  specs:
    aws-eventstream (1.0.0)
    aws-partitions (1.87.0)
    aws-sdk-cloudformation (1.3.0)
      aws-sdk-core (~> 3)
      aws-sigv4 (~> 1.0)
    aws-sdk-core (3.21.2)
      aws-eventstream (~> 1.0)
      aws-partitions (~> 1.0)
      aws-sigv4 (~> 1.0)
      jmespath (~> 1.0)
    aws-sdk-kms (1.5.0)
      aws-sdk-core (~> 3)
      aws-sigv4 (~> 1.0)
    aws-sdk-s3 (1.8.2)
      aws-sdk-core (~> 3)
      aws-sdk-kms (~> 1)
      aws-sigv4 (~> 1.0)
    aws-sigv4 (1.0.2)
    byebug (9.0.6)
    colorize (0.8.1)
    diff-lcs (1.2.5)
    docile (1.1.5)
    hashdiff (1.0.0)
    jmespath (1.6.1)
    json (2.0.2)
    rspec (3.5.0)
      rspec-core (~> 3.5.0)
      rspec-expectations (~> 3.5.0)
      rspec-mocks (~> 3.5.0)
    rspec-core (3.5.4)
      rspec-support (~> 3.5.0)
    rspec-expectations (3.5.0)
      diff-lcs (>= 1.2.0, < 2.0)
      rspec-support (~> 3.5.0)
    rspec-mocks (3.5.0)
      diff-lcs (>= 1.2.0, < 2.0)
      rspec-support (~> 3.5.0)
    rspec-support (3.5.0)
    ruby-termios (1.0.2)
    rx (0.0.3)
    rx-rspec (0.4.3)
      rx
    simplecov (0.12.0)
      docile (~> 1.1.0)
      json (>= 1.8, < 3)
      simplecov-html (~> 0.10.0)
    simplecov-html (0.10.0)

PLATFORMS
  ruby

DEPENDENCIES
  bundler (~> 1.12)
  byebug
  cuffsert!
  rspec (~> 3.0)
  rx-rspec (~> 0.4.3)
  simplecov

BUNDLED WITH
   1.13.6
